GEM
  remote: https://rubygems.org/
  specs:
    ruby2d (0.2.1)

PLATFORMS
  ruby

DEPENDENCIES
  ruby2d

RUBY VERSION
   ruby 2.3.1p112

BUNDLED WITH
   1.13.2
