GEM
  remote: https://rubygems.org/
  specs:
    gosu (0.11.0)

PLATFORMS
  ruby

DEPENDENCIES
  gosu

RUBY VERSION
   ruby 2.3.1p112

BUNDLED WITH
   1.13.2
